GEM
  remote: http://rubygems.org/
  specs:
    addressable (2.5.2)
      public_suffix (>= 2.0.2, < 4.0)
    faraday (0.14.0)
      multipart-post (>= 1.2, < 3)
    httparty (0.16.0)
      multi_xml (>= 0.5.2)
    json-schema (2.8.0)
      addressable (>= 2.4)
    jwt (2.1.0)
    mini_portile2 (2.3.0)
    multi_xml (0.6.0)
    multipart-post (2.0.0)
    murmurhash3 (0.1.6)
    nokogiri (1.8.2)
      mini_portile2 (~> 2.3.0)
    optimizely-sdk (2.0.0.beta)
      httparty (~> 0.11)
      json-schema (~> 2.6)
      murmurhash3 (~> 0.1)
    public_suffix (3.0.2)
    twilio-ruby (5.6.3)
      faraday (~> 0.9)
      jwt (>= 1.5, <= 2.5)
      nokogiri (>= 1.6, < 2.0)

PLATFORMS
  ruby

DEPENDENCIES
  httparty
  optimizely-sdk (~> 2.0.0.beta)
  twilio-ruby (~> 5.6.3)

BUNDLED WITH
   1.16.1
